GEM
  remote: http://rubygems.org/
  specs:
    POpen4 (0.1.4)
      Platform (>= 0.4.0)
      open4
    Platform (0.4.0)
    actionmailer (3.1.1)
      actionpack (= 3.1.1)
      mail (~> 2.3.0)
    actionpack (3.1.1)
      activemodel (= 3.1.1)
      activesupport (= 3.1.1)
      builder (~> 3.0.0)
      erubis (~> 2.7.0)
      i18n (~> 0.6)
      rack (~> 1.3.2)
      rack-cache (~> 1.1)
      rack-mount (~> 0.8.2)
      rack-test (~> 0.6.1)
      sprockets (~> 2.0.2)
    active_utils (1.0.1)
      activesupport (>= 2.3.11)
      i18n
    activemerchant (1.18.1)
      active_utils (>= 1.0.1)
      activesupport (>= 2.3.11)
      braintree (>= 2.0.0)
      builder (>= 2.0.0)
      i18n
      json (>= 1.5.1)
      money
    activemerchant_patch_for_china (0.1.6)
      activemerchant (>= 1.4.2)
    activemodel (3.1.1)
      activesupport (= 3.1.1)
      builder (~> 3.0.0)
      i18n (~> 0.6)
    activerecord (3.1.1)
      activemodel (= 3.1.1)
      activesupport (= 3.1.1)
      arel (~> 2.2.1)
      tzinfo (~> 0.3.29)
    activeresource (3.1.1)
      activemodel (= 3.1.1)
      activesupport (= 3.1.1)
    activesupport (3.1.1)
      multi_json (~> 1.0)
    ansi (1.4.0)
    arel (2.2.1)
    bcrypt-ruby (3.0.1)
    braintree (2.12.0)
      builder (>= 2.0.0)
    builder (3.0.0)
    carrierwave (0.5.7)
      activesupport (~> 3.0)
    coffee-rails (3.1.1)
      coffee-script (>= 2.2.0)
      railties (~> 3.1.0)
    coffee-script (2.2.0)
      coffee-script-source
      execjs
    coffee-script-source (1.1.3)
    crack (0.1.8)
    devise (1.4.8)
      bcrypt-ruby (~> 3.0)
      orm_adapter (~> 0.0.3)
      warden (~> 1.0.3)
    devise_invitable (0.5.4)
      devise (~> 1.4.1)
      rails (>= 3.0.0, < 3.2)
    enumerate_it (0.7.8)
      activesupport (>= 2.3.2)
    erubis (2.7.0)
    execjs (1.2.9)
      multi_json (~> 1.0)
    hike (1.2.1)
    hiredis (0.3.2)
    i18n (0.6.0)
    jquery-rails (1.0.16)
      railties (~> 3.0)
      thor (~> 0.14)
    json (1.6.1)
    json_pure (1.6.1)
    kaminari (0.12.4)
      rails (>= 3.0.0)
    kgio (2.6.0)
    libv8 (3.3.10.2)
    mail (2.3.0)
      i18n (>= 0.4.0)
      mime-types (~> 1.16)
      treetop (~> 1.4.8)
    mime-types (1.17.2)
    money (3.7.1)
      i18n (~> 0.4)
    multi_json (1.0.3)
    mysql2 (0.3.8)
    on_the_spot (0.0.16)
      json_pure (>= 1.4.6)
    open4 (1.2.0)
    orm_adapter (0.0.5)
    polyglot (0.3.3)
    pusher (0.8.4)
      crack (~> 0.1.0)
      multi_json (~> 1.0)
      ruby-hmac (~> 0.4.0)
      signature (~> 0.1.2)
    rack (1.3.5)
    rack-cache (1.1)
      rack (>= 0.4)
    rack-mount (0.8.3)
      rack (>= 1.0.0)
    rack-ssl (1.3.2)
      rack
    rack-test (0.6.1)
      rack (>= 1.0)
    rails (3.1.1)
      actionmailer (= 3.1.1)
      actionpack (= 3.1.1)
      activerecord (= 3.1.1)
      activeresource (= 3.1.1)
      activesupport (= 3.1.1)
      bundler (~> 1.0)
      railties (= 3.1.1)
    railties (3.1.1)
      actionpack (= 3.1.1)
      activesupport (= 3.1.1)
      rack-ssl (~> 1.3.2)
      rake (>= 0.8.7)
      rdoc (~> 3.4)
      thor (~> 0.14.6)
    raindrops (0.7.0)
    rake (0.9.2.2)
    rdoc (3.11)
      json (~> 1.4)
    redis (2.2.2)
    rmagick (2.13.1)
    ruby-hmac (0.4.0)
    sass (3.1.10)
    sass-rails (3.1.4)
      actionpack (~> 3.1.0)
      railties (~> 3.1.0)
      sass (>= 3.1.4)
      sprockets (~> 2.0.0)
      tilt (~> 1.3.2)
    settingslogic (2.0.6)
    signature (0.1.2)
      ruby-hmac
    sprockets (2.0.3)
      hike (~> 1.2)
      rack (~> 1.0)
      tilt (~> 1.1, != 1.3.0)
    therubyracer (0.9.8)
      libv8 (~> 3.3.10)
    thor (0.14.6)
    thumbs_up (0.4.3)
      activerecord
    tilt (1.3.3)
    treetop (1.4.10)
      polyglot
      polyglot (>= 0.3.1)
    turn (0.8.3)
      ansi
    tzinfo (0.3.31)
    unicorn (4.1.1)
      kgio (~> 2.4)
      rack
      raindrops (~> 0.6)
    uuidtools (2.1.2)
    warden (1.0.6)
      rack (>= 1.0)
    yui-compressor (0.9.6)
      POpen4 (>= 0.1.4)

PLATFORMS
  ruby

DEPENDENCIES
  activemerchant
  activemerchant_patch_for_china
  carrierwave
  coffee-rails (~> 3.1.1)
  devise
  devise_invitable
  enumerate_it
  execjs
  hiredis
  jquery-rails
  kaminari
  mysql2
  on_the_spot
  pusher
  rails (= 3.1.1)
  redis
  rmagick
  sass-rails (~> 3.1.4)
  settingslogic
  therubyracer
  thumbs_up
  turn
  unicorn
  uuidtools
  yui-compressor
